PATH
  remote: .
  specs:
    grpc-demo (1.0.0)
      grpc (~> 1.0)
      multi_json (~> 1.13.1)

GEM
  remote: https://rubygems.org/
  specs:
    google-protobuf (3.21.1-x86_64-linux)
    googleapis-common-protos-types (1.3.1)
      google-protobuf (~> 3.14)
    grpc (1.46.3-x86_64-linux)
      google-protobuf (~> 3.19)
      googleapis-common-protos-types (~> 1.0)
    multi_json (1.13.1)

PLATFORMS
  x86_64-linux

DEPENDENCIES
  bundler (>= 1.9)
  grpc-demo!

BUNDLED WITH
   2.3.15
